STORAGE: NONE
COPY-LOCAL: TRUE
NUGET
  remote: https://api.nuget.org/v3/index.json
    FSharp.Core (5.0.2)
    Microsoft.AspNetCore.Authorization (6.0.0-rc.2.21480.10) - restriction: >= net6.0
      Microsoft.AspNetCore.Metadata (>= 6.0.0-rc.2.21480.10) - restriction: || (>= net461) (>= netstandard2.0)
      Microsoft.Extensions.Logging.Abstractions (>= 6.0.0-rc.2.21480.5) - restriction: || (>= net461) (>= netstandard2.0)
      Microsoft.Extensions.Options (>= 6.0.0-rc.2.21480.5) - restriction: || (>= net461) (>= netstandard2.0)
    Microsoft.AspNetCore.Components (6.0.0-rc.2.21480.10) - restriction: >= net6.0
      Microsoft.AspNetCore.Authorization (>= 6.0.0-rc.2.21480.10) - restriction: >= net6.0
      Microsoft.AspNetCore.Components.Analyzers (>= 6.0.0-rc.2.21480.10) - restriction: >= net6.0
    Microsoft.AspNetCore.Components.Analyzers (6.0.0-rc.2.21480.10) - restriction: >= net6.0
    Microsoft.AspNetCore.Components.Forms (6.0.0-rc.2.21480.10) - restriction: >= net6.0
      Microsoft.AspNetCore.Components (>= 6.0.0-rc.2.21480.10) - restriction: >= net6.0
    Microsoft.AspNetCore.Components.Web (6.0.0-rc.2.21480.10) - restriction: >= net6.0
      Microsoft.AspNetCore.Components (>= 6.0.0-rc.2.21480.10) - restriction: >= net6.0
      Microsoft.AspNetCore.Components.Forms (>= 6.0.0-rc.2.21480.10) - restriction: >= net6.0
      Microsoft.Extensions.DependencyInjection (>= 6.0.0-rc.2.21480.5) - restriction: >= net6.0
      Microsoft.JSInterop (>= 6.0.0-rc.2.21480.10) - restriction: >= net6.0
      System.IO.Pipelines (>= 6.0.0-rc.2.21480.5) - restriction: >= net6.0
    Microsoft.AspNetCore.Components.WebAssembly (6.0.0-rc.2.21480.10)
      Microsoft.AspNetCore.Components.Web (>= 6.0.0-rc.2.21480.10) - restriction: >= net6.0
      Microsoft.Extensions.Configuration.Binder (>= 6.0.0-rc.2.21480.5) - restriction: >= net6.0
      Microsoft.Extensions.Configuration.Json (>= 6.0.0-rc.2.21480.5) - restriction: >= net6.0
      Microsoft.Extensions.Logging (>= 6.0.0-rc.2.21480.5) - restriction: >= net6.0
      Microsoft.JSInterop.WebAssembly (>= 6.0.0-rc.2.21480.10) - restriction: >= net6.0
    Microsoft.AspNetCore.Components.WebAssembly.DevServer (6.0.0-rc.2.21480.10)
    Microsoft.AspNetCore.Metadata (6.0.0-rc.2.21480.10) - restriction: >= net6.0
    Microsoft.Extensions.Configuration (6.0.0-rc.2.21480.5) - restriction: >= net6.0
      Microsoft.Extensions.Configuration.Abstractions (>= 6.0.0-rc.2.21480.5) - restriction: || (>= net461) (>= netstandard2.0)
      Microsoft.Extensions.Primitives (>= 6.0.0-rc.2.21480.5) - restriction: || (>= net461) (>= netstandard2.0)
    Microsoft.Extensions.Configuration.Abstractions (6.0.0-rc.2.21480.5) - restriction: >= net6.0
      Microsoft.Extensions.Primitives (>= 6.0.0-rc.2.21480.5) - restriction: || (>= net461) (>= netstandard2.0)
    Microsoft.Extensions.Configuration.Binder (6.0.0-rc.2.21480.5) - restriction: >= net6.0
      Microsoft.Extensions.Configuration.Abstractions (>= 6.0.0-rc.2.21480.5) - restriction: || (>= net461) (>= netstandard2.0)
    Microsoft.Extensions.Configuration.FileExtensions (6.0.0-rc.2.21480.5) - restriction: >= net6.0
      Microsoft.Extensions.Configuration (>= 6.0.0-rc.2.21480.5) - restriction: || (>= net461) (>= netstandard2.0)
      Microsoft.Extensions.Configuration.Abstractions (>= 6.0.0-rc.2.21480.5) - restriction: || (>= net461) (>= netstandard2.0)
      Microsoft.Extensions.FileProviders.Abstractions (>= 6.0.0-rc.2.21480.5) - restriction: || (>= net461) (>= netstandard2.0)
      Microsoft.Extensions.FileProviders.Physical (>= 6.0.0-rc.2.21480.5) - restriction: || (>= net461) (>= netstandard2.0)
      Microsoft.Extensions.Primitives (>= 6.0.0-rc.2.21480.5) - restriction: || (>= net461) (>= netstandard2.0)
    Microsoft.Extensions.Configuration.Json (6.0.0-rc.2.21480.5) - restriction: >= net6.0
      Microsoft.Extensions.Configuration (>= 6.0.0-rc.2.21480.5) - restriction: || (>= net461) (>= netstandard2.0)
      Microsoft.Extensions.Configuration.Abstractions (>= 6.0.0-rc.2.21480.5) - restriction: || (>= net461) (>= netstandard2.0)
      Microsoft.Extensions.Configuration.FileExtensions (>= 6.0.0-rc.2.21480.5) - restriction: || (>= net461) (>= netstandard2.0)
      Microsoft.Extensions.FileProviders.Abstractions (>= 6.0.0-rc.2.21480.5) - restriction: || (>= net461) (>= netstandard2.0)
      System.Text.Json (>= 6.0.0-rc.2.21480.5) - restriction: || (>= net461) (>= netstandard2.0)
    Microsoft.Extensions.DependencyInjection (6.0.0-rc.2.21480.5) - restriction: >= net6.0
      Microsoft.Extensions.DependencyInjection.Abstractions (>= 6.0.0-rc.2.21480.5) - restriction: || (>= net461) (>= netstandard2.0)
      System.Runtime.CompilerServices.Unsafe (>= 6.0.0-rc.2.21480.5) - restriction: || (>= net461) (>= netstandard2.0)
    Microsoft.Extensions.DependencyInjection.Abstractions (6.0.0-rc.2.21480.5) - restriction: >= net6.0
    Microsoft.Extensions.FileProviders.Abstractions (6.0.0-rc.2.21480.5) - restriction: >= net6.0
      Microsoft.Extensions.Primitives (>= 6.0.0-rc.2.21480.5) - restriction: || (>= net461) (>= netstandard2.0)
    Microsoft.Extensions.FileProviders.Physical (6.0.0-rc.2.21480.5) - restriction: >= net6.0
      Microsoft.Extensions.FileProviders.Abstractions (>= 6.0.0-rc.2.21480.5) - restriction: || (>= net461) (>= netstandard2.0)
      Microsoft.Extensions.FileSystemGlobbing (>= 6.0.0-rc.2.21480.5) - restriction: || (>= net461) (>= netstandard2.0)
      Microsoft.Extensions.Primitives (>= 6.0.0-rc.2.21480.5) - restriction: || (>= net461) (>= netstandard2.0)
    Microsoft.Extensions.FileSystemGlobbing (6.0.0-rc.2.21480.5) - restriction: >= net6.0
    Microsoft.Extensions.Logging (6.0.0-rc.2.21480.5) - restriction: >= net6.0
      Microsoft.Extensions.DependencyInjection (>= 6.0.0-rc.2.21480.5) - restriction: || (>= net461) (>= netstandard2.0)
      Microsoft.Extensions.DependencyInjection.Abstractions (>= 6.0.0-rc.2.21480.5) - restriction: || (>= net461) (>= netstandard2.0)
      Microsoft.Extensions.Logging.Abstractions (>= 6.0.0-rc.2.21480.5) - restriction: || (>= net461) (>= netstandard2.0)
      Microsoft.Extensions.Options (>= 6.0.0-rc.2.21480.5) - restriction: || (>= net461) (>= netstandard2.0)
      System.Diagnostics.DiagnosticSource (>= 6.0.0-rc.2.21480.5) - restriction: || (>= net461) (>= netstandard2.0)
    Microsoft.Extensions.Logging.Abstractions (6.0.0-rc.2.21480.5) - restriction: >= net6.0
    Microsoft.Extensions.Options (6.0.0-rc.2.21480.5) - restriction: >= net6.0
      Microsoft.Extensions.DependencyInjection.Abstractions (>= 6.0.0-rc.2.21480.5) - restriction: || (>= net461) (>= netstandard2.0)
      Microsoft.Extensions.Primitives (>= 6.0.0-rc.2.21480.5) - restriction: || (>= net461) (>= netstandard2.0)
    Microsoft.Extensions.Primitives (6.0.0-rc.2.21480.5) - restriction: >= net6.0
      System.Runtime.CompilerServices.Unsafe (>= 6.0.0-rc.2.21480.5) - restriction: || (>= net461) (>= netstandard2.0)
    Microsoft.JSInterop (6.0.0-rc.2.21480.10) - restriction: >= net6.0
    Microsoft.JSInterop.WebAssembly (6.0.0-rc.2.21480.10) - restriction: >= net6.0
      Microsoft.JSInterop (>= 6.0.0-rc.2.21480.10) - restriction: >= net6.0
    System.Diagnostics.DiagnosticSource (6.0.0-rc.2.21480.5) - restriction: >= net6.0
      System.Runtime.CompilerServices.Unsafe (>= 6.0.0-rc.2.21480.5) - restriction: || (>= net461) (>= netstandard2.0)
    System.IO.Pipelines (6.0.0-rc.2.21480.5) - restriction: >= net6.0
    System.Runtime.CompilerServices.Unsafe (6.0.0-rc.2.21480.5) - restriction: >= net6.0
    System.Text.Encodings.Web (6.0.0-rc.2.21480.5) - restriction: >= net6.0
      System.Runtime.CompilerServices.Unsafe (>= 6.0.0-rc.2.21480.5) - restriction: || (>= net461) (>= netstandard2.0)
    System.Text.Json (6.0.0-rc.2.21480.5) - restriction: >= net6.0
      System.Runtime.CompilerServices.Unsafe (>= 6.0.0-rc.2.21480.5) - restriction: || (>= net461) (>= netstandard2.0)
      System.Text.Encodings.Web (>= 6.0.0-rc.2.21480.5) - restriction: || (>= net461) (>= netstandard2.0)
